GEM
  remote: https://rubygems.org/
  specs:
    aws-sdk (2.1.12)
      aws-sdk-resources (= 2.1.12)
    aws-sdk-core (2.1.12)
      jmespath (~> 1.0)
    aws-sdk-resources (2.1.12)
      aws-sdk-core (= 2.1.12)
    ipaddress (0.8.0)
    jmespath (1.0.2)
      multi_json (~> 1.0)
    multi_json (1.11.2)

PLATFORMS
  x64-mingw32

DEPENDENCIES
  aws-sdk
  ipaddress

BUNDLED WITH
   1.10.6
